GEM
  remote: https://rubygems.org/
  specs:
    mysql2 (0.4.10)
    toxiproxy (1.0.2)

PLATFORMS
  ruby

DEPENDENCIES
  mysql2
  toxiproxy

BUNDLED WITH
   1.12.5
